GEM
  remote: http://rubygems.org/
  specs:
    ffi (1.0.11)
    git (1.2.5)
    guard (0.10.0)
      ffi (>= 0.5.0)
      thor (~> 0.14.6)
    jeweler (1.6.4)
      bundler (~> 1.0)
      git (>= 1.2.5)
      rake
    rake (0.9.2.2)
    rcov (0.9.11)
    riot (0.12.5)
      rr
    rr (1.0.4)
    thor (0.14.6)
    tilt (1.3.3)
    yard (0.7.4)

PLATFORMS
  ruby

DEPENDENCIES
  bundler (~> 1.0.0)
  guard
  jeweler (~> 1.6.4)
  rcov
  riot
  tilt
  yard (~> 0.7.4)
